GEM
  remote: http://rubygems.org/
  specs:
    adsf (1.1.1)
      rack (>= 1.0.0)
    builder (3.2.0)
    coderay (1.0.9)
    colored (1.2)
    commonjs (0.2.6)
    cri (2.3.0)
      colored (>= 1.2)
    json (1.7.7)
    kramdown (0.14.2)
    less (2.2.2)
      commonjs (~> 0.2.6)
    libv8 (3.11.8.13)
    listen (0.7.3)
    method_source (0.8.1)
    mime-types (1.21)
    nanoc (3.6.3)
      cri (~> 2.3)
    nokogiri (1.5.6)
    pry (0.9.12)
      coderay (~> 1.0.5)
      method_source (~> 0.8)
      slop (~> 3.4)
    rack (1.5.2)
    rainpress (1.0)
    rb-fsevent (0.9.3)
    ref (1.0.2)
    slop (3.4.3)
    systemu (2.5.2)
    therubyracer (0.11.4)
      libv8 (~> 3.11.8.12)
      ref
    w3c_validators (1.2)
      json
      nokogiri

PLATFORMS
  ruby

DEPENDENCIES
  adsf
  builder
  kramdown
  less
  listen
  mime-types
  nanoc (= 3.6.3)
  nokogiri
  pry
  rainpress
  rb-fsevent
  systemu
  therubyracer
  w3c_validators
